GIT
  remote: https://github.com/zverok/dokaz.git
  revision: a8a6f0bbeab5589326fe2714cf89842b5f32b850
  specs:
    dokaz (0.0.4)
      ansi
      rouge
      slop (~> 3)

PATH
  remote: .
  specs:
    infoboxer (0.3.3)
      addressable
      htmlentities
      mediawiktory (= 0.1.3)
      terminal-table

GEM
  remote: https://rubygems.org/
  specs:
    addressable (2.5.1)
      public_suffix (~> 2.0, >= 2.0.2)
    ansi (1.5.0)
    ast (2.4.0)
    backports (3.10.3)
    byebug (9.0.6)
    coveralls (0.8.21)
      json (>= 1.8, < 3)
      simplecov (~> 0.14.1)
      term-ansicolor (~> 1.3)
      thor (~> 0.19.4)
      tins (~> 1.6)
    crack (0.4.3)
      safe_yaml (~> 1.0.0)
    diff-lcs (1.3)
    docile (1.1.5)
    faraday (0.15.4)
      multipart-post (>= 1.2, < 3)
    faraday_middleware (0.13.0)
      faraday (>= 0.7.4, < 1.0)
    hashdiff (0.3.4)
    hashie (3.6.0)
    htmlentities (4.3.4)
    json (2.3.1)
    json (2.3.1-java)
    mediawiktory (0.1.3)
      addressable
      faraday
      faraday_middleware
      hashie
      naught
      nokogiri
    mini_portile2 (2.4.0)
    multipart-post (2.1.1)
    naught (1.1.0)
    nokogiri (1.10.9)
      mini_portile2 (~> 2.4.0)
    nokogiri (1.10.9-java)
    parallel (1.19.1)
    parser (2.7.0.2)
      ast (~> 2.4.0)
    powerpack (0.1.2)
    public_suffix (2.0.5)
    rainbow (3.0.0)
    rake (13.0.1)
    redcarpet (3.3.4)
    rouge (2.1.1)
    rspec (3.6.0)
      rspec-core (~> 3.6.0)
      rspec-expectations (~> 3.6.0)
      rspec-mocks (~> 3.6.0)
    rspec-core (3.6.0)
      rspec-support (~> 3.6.0)
    rspec-expectations (3.6.0)
      diff-lcs (>= 1.2.0, < 2.0)
      rspec-support (~> 3.6.0)
    rspec-its (1.2.0)
      rspec-core (>= 3.0.0)
      rspec-expectations (>= 3.0.0)
    rspec-mocks (3.6.0)
      diff-lcs (>= 1.2.0, < 2.0)
      rspec-support (~> 3.6.0)
    rspec-support (3.6.0)
    rubocop (0.52.1)
      parallel (~> 1.10)
      parser (>= 2.4.0.2, < 3.0)
      powerpack (~> 0.1)
      rainbow (>= 2.2.2, < 4.0)
      ruby-progressbar (~> 1.7)
      unicode-display_width (~> 1.0, >= 1.0.1)
    rubocop-rspec (1.20.1)
      rubocop (>= 0.51.0)
    ruby-prof (0.16.2)
    ruby-progressbar (1.10.1)
    rubygems-tasks (0.2.4)
    safe_yaml (1.0.4)
    saharspec (0.0.4)
    simplecov (0.14.1)
      docile (~> 1.1.0)
      json (>= 1.8, < 3)
      simplecov-html (~> 0.10.0)
    simplecov-html (0.10.1)
    slop (3.6.0)
    term-ansicolor (1.6.0)
      tins (~> 1.0)
    terminal-table (1.8.0)
      unicode-display_width (~> 1.1, >= 1.1.1)
    thor (0.19.4)
    timecop (0.9.0)
    tins (1.14.0)
    tty-color (0.4.2)
    unicode-display_width (1.6.1)
    vcr (3.0.3)
    webmock (3.0.1)
      addressable (>= 2.3.6)
      crack (>= 0.3.2)
      hashdiff
    yard (0.9.25)
    yard-junk (0.0.7)
      backports
      rainbow
      tty-color
      yard

PLATFORMS
  java
  ruby

DEPENDENCIES
  byebug
  coveralls
  dokaz!
  infoboxer!
  rake
  redcarpet
  rspec (~> 3)
  rspec-its (~> 1)
  rubocop (~> 0.52.1)
  rubocop-rspec (~> 1.20)
  ruby-prof
  rubygems-tasks
  saharspec (= 0.0.4)
  timecop
  vcr
  webmock
  yard (~> 0.9)
  yard-junk (~> 0.0.7)

BUNDLED WITH
   1.17.2
